GEM
  remote: http://rubygems.org/
  specs:
    aquarium (0.5.1)
    diff-lcs (1.2.1)
    hpricot (0.8.6)
    hpricot (0.8.6-java)
    rack (1.5.2)
    rack-test (0.6.2)
      rack (>= 1.0)
    rspec (2.13.0)
      rspec-core (~> 2.13.0)
      rspec-expectations (~> 2.13.0)
      rspec-mocks (~> 2.13.0)
    rspec-core (2.13.0)
    rspec-expectations (2.13.0)
      diff-lcs (>= 1.1.3, < 2.0)
    rspec-mocks (2.13.0)
    xmpp4r (0.5.5)

PLATFORMS
  java
  ruby

DEPENDENCIES
  aquarium
  hpricot
  rack-test
  rspec (~> 2.4)
  xmpp4r
